GIT
  remote: git://github.com/markturner/rockstar.git
  revision: b7f90af5ff6add80e8bee3b799ae341fd2d5d039
  specs:
    rockstar (0.5.0)
      activesupport (>= 1.4.2)
      hpricot (>= 0.4.86)

GIT
  remote: git://github.com/sinatra/sinatra.git
  revision: c7601fcfcd02ba015bae24f8212ec8e6241a8a04
  specs:
    sinatra (1.3.0)
      rack (~> 1.2)
      tilt (~> 1.2, >= 1.2.2)

GEM
  remote: http://rubygems.org/
  specs:
    activesupport (3.0.6)
    haml (3.0.25)
    hpricot (0.8.4)
    i18n (0.5.0)
    rack (1.2.2)
    tilt (1.2.2)

PLATFORMS
  ruby

DEPENDENCIES
  bundler
  haml
  i18n
  rockstar!
  sinatra!
